PATH
  remote: .
  specs:
    zg (0.1.2)

GEM
  remote: https://rubygems.org/
  specs:
    minitest (5.14.1)
    rake (12.3.2)

PLATFORMS
  ruby

DEPENDENCIES
  minitest (~> 5.0)
  rake (~> 12.0)
  zg!

BUNDLED WITH
   2.1.4
